GEM
  remote: https://rubygems.org/
  specs:
    date (3.2.2)
    mustermann (2.0.2)
      ruby2_keywords (~> 0.0.1)
    open-uri (0.2.0)
      stringio
      time
      uri
    rack (2.2.5)
    rack-protection (2.2.3)
      rack
    rackup (0.1.0)
      rack
      webrick
    ruby2_keywords (0.0.5)
    sinatra (2.2.3)
      mustermann (~> 2.0)
      rack (~> 2.2)
      rack-protection (= 2.2.3)
      tilt (~> 2.0)
    stringio (3.0.1)
    tilt (2.0.11)
    time (0.2.0)
      date
    uri (0.11.0)
    webrick (1.7.0)

PLATFORMS
  ruby

DEPENDENCIES
  open-uri
  rackup
  sinatra

RUBY VERSION
   ruby 3.1.3p185

BUNDLED WITH
   2.4.1
