GEM
  remote: https://rubygems.org/
  specs:
    date (3.3.3)
    foreman (0.87.2)
    kramdown (2.4.0)
      rexml
    mustermann (3.0.0)
      ruby2_keywords (~> 0.0.1)
    nio4r (2.5.9)
    open-uri (0.3.0)
      stringio
      time
      uri
    puma (6.3.0)
      nio4r (~> 2.0)
    rack (2.2.8)
    rack-protection (3.1.0)
      rack (~> 2.2, >= 2.2.4)
    rexml (3.2.6)
    rss (0.3.0)
      rexml
    ruby2_keywords (0.0.5)
    sinatra (3.1.0)
      mustermann (~> 3.0)
      rack (~> 2.2, >= 2.2.4)
      rack-protection (= 3.1.0)
      tilt (~> 2.0)
    stringio (3.0.4)
    tilt (2.2.0)
    time (0.2.2)
      date
    uri (0.12.2)

PLATFORMS
  ruby

DEPENDENCIES
  foreman (~> 0.87.2)
  kramdown
  open-uri
  puma
  rss (~> 0.3.0)
  sinatra

RUBY VERSION
   ruby 3.2.0p0

BUNDLED WITH
   2.4.5
