GEM
  remote: https://rubygems.org/
  specs:
    date (3.2.2)
    open-uri (0.2.0)
      stringio
      time
      uri
    rack (1.6.13)
    rack-protection (1.5.5)
      rack
    rackup (0.1.0)
      rack
      webrick
    sinatra (1.4.8)
      rack (~> 1.5)
      rack-protection (~> 1.4)
      tilt (>= 1.3, < 3)
    stringio (3.0.1)
    tilt (2.0.6)
    time (0.2.0)
      date
    uri (0.11.0)
    webrick (1.7.0)

PLATFORMS
  ruby

DEPENDENCIES
  open-uri
  rackup
  sinatra

RUBY VERSION
   ruby 3.1.3p185

BUNDLED WITH
   2.4.1
