GEM
  remote: https://rubygems.org/
  specs:
    date (3.3.3)
    foreman (0.87.2)
    kramdown (2.4.0)
      rexml
    nio4r (2.5.8)
    open-uri (0.3.0)
      stringio
      time
      uri
    puma (6.0.2)
      nio4r (~> 2.0)
    rack (3.0.4.1)
    rackup (2.0.0)
      rack (>= 3)
      webrick
    rexml (3.2.5)
    rss (0.2.9)
      rexml
    sinatra (1.0)
      rack (>= 1.0)
    stringio (3.0.4)
    time (0.2.1)
      date
    uri (0.12.0)
    webrick (1.7.0)

PLATFORMS
  ruby

DEPENDENCIES
  foreman (~> 0.87.2)
  kramdown
  open-uri
  puma
  rackup
  rss (~> 0.2.9)
  sinatra

RUBY VERSION
   ruby 3.2.0p0

BUNDLED WITH
   2.4.1
